GIT
  remote: https://github.com/damianFC/alexa-rubykit.git
  revision: 0895a76770b42700e1d09daaab5e79f88c5aaee4
  specs:
    alexa_rubykit (1.1.0)
      bundler (~> 1.7)
      rake (~> 10.0)

PATH
  remote: .
  specs:
    alexa_rubyengine (1.0.0)
      sinatra (~> 1.4)

GEM
  remote: https://rubygems.org/
  specs:
    rack (1.6.4)
    rack-protection (1.5.3)
      rack
    rake (10.4.2)
    sinatra (1.4.6)
      rack (~> 1.4)
      rack-protection (~> 1.4)
      tilt (>= 1.3, < 3)
    tilt (2.0.1)

PLATFORMS
  ruby

DEPENDENCIES
  alexa_rubyengine!
  alexa_rubykit!
  bundler (~> 1.10.6)
  rake (~> 10.0)

BUNDLED WITH
   1.10.6
